GEM
  remote: http://rubygems.org/
  specs:
    activesupport (3.0.7)
    fastercsv (1.5.4)
    i18n (0.5.0)
    mysql2 (0.3.2)

PLATFORMS
  ruby

DEPENDENCIES
  activesupport (~> 3.0.7)
  fastercsv (~> 1.5.4)
  i18n (~> 0.5.0)
  mysql2 (~> 0.3.2)
